GIT
  remote: git://github.com/ateliware/contaazul
  revision: 878b2efd8dd5674f17ab5c9e57fdc0dcdc2ba978
  specs:
    contaazul (0.1.0dev)
      addressable (~> 2.3.4)
      faraday (~> 0.8.7)
      faraday_middleware (~> 0.8)
      multi_json (~> 1.7.6)

GEM
  remote: https://rubygems.org/
  specs:
    addressable (2.3.4)
    faraday (0.8.7)
      multipart-post (~> 1.1)
    faraday_middleware (0.9.0)
      faraday (>= 0.7.4, < 0.9)
    multi_json (1.7.7)
    multipart-post (1.2.0)
    mustermann (2.0.2)
      ruby2_keywords (~> 0.0.1)
    rack (2.2.4)
    rack-protection (2.2.3)
      rack
    ruby2_keywords (0.0.5)
    sinatra (2.2.3)
      mustermann (~> 2.0)
      rack (~> 2.2)
      rack-protection (= 2.2.3)
      tilt (~> 2.0)
    tilt (2.0.11)

PLATFORMS
  ruby

DEPENDENCIES
  contaazul!
  sinatra
