GIT
  remote: git://github.com/ateliware/contaazul
  revision: 878b2efd8dd5674f17ab5c9e57fdc0dcdc2ba978
  specs:
    contaazul (0.1.0dev)
      addressable (~> 2.3.4)
      faraday (~> 0.8.7)
      faraday_middleware (~> 0.8)
      multi_json (~> 1.7.6)

GEM
  remote: https://rubygems.org/
  specs:
    addressable (2.3.4)
    faraday (0.8.7)
      multipart-post (~> 1.1)
    faraday_middleware (0.9.0)
      faraday (>= 0.7.4, < 0.9)
    multi_json (1.7.7)
    multipart-post (1.2.0)
    rack (1.6.13)
    rack-protection (1.2.0)
      rack
    sinatra (1.3.2)
      rack (~> 1.3, >= 1.3.6)
      rack-protection (~> 1.2)
      tilt (~> 1.3, >= 1.3.3)
    tilt (1.3.3)

PLATFORMS
  ruby

DEPENDENCIES
  contaazul!
  sinatra
